GEM
  remote: https://rubygems.org/
  specs:
    dotenv (2.8.1)
    dotenv-vault (0.10.1)
      dotenv
      lockbox
    lockbox (1.3.0)
    mustermann (3.0.0)
      ruby2_keywords (~> 0.0.1)
    rack (2.2.8.1)
    rack-protection (3.0.6)
      rack
    rackup (1.0.0)
      rack (< 3)
      webrick
    ruby2_keywords (0.0.5)
    sinatra (3.0.6)
      mustermann (~> 3.0)
      rack (~> 2.2, >= 2.2.4)
      rack-protection (= 3.0.6)
      tilt (~> 2.0)
    tilt (2.2.0)
    webrick (1.8.1)

PLATFORMS
  ruby

DEPENDENCIES
  dotenv-vault (~> 0.10.1)
  rackup (~> 1.0)
  sinatra (~> 3.0)

BUNDLED WITH
   2.4.5
